GEM
  remote: http://rubygems.org/
  specs:
    aws-s3 (0.6.3)
      builder
      mime-types
      xml-simple
    builder (3.1.4)
    chunky_png (1.2.5)
    compass (0.11.6)
      chunky_png (~> 1.2)
      fssm (>= 0.2.7)
      sass (~> 3.1)
    fssm (0.2.7)
    grid-coordinates (1.1.9)
      compass (>= 0.11.5)
    haml (3.1.4)
    hassle (0.0.1)
      haml
      rack
    mime-types (1.19)
    nokogiri (1.5.5)
    rack (1.4.0)
    rack-rewrite (1.3.1)
    rake (0.9.2)
    rdiscount (1.6.8)
    sass (3.1.12)
    shotgun (0.9)
      rack (>= 1.0)
    sinatra (1.2.7)
      rack (~> 1.1)
      tilt (>= 1.2.2, < 2.0)
    tilt (1.3.3)
    xml-simple (1.1.2)
    ya2yaml (0.31)

PLATFORMS
  ruby

DEPENDENCIES
  aws-s3
  compass (~> 0.11.6)
  grid-coordinates (~> 1.1.4)
  haml (~> 3.1.4)
  hassle
  nokogiri
  rack-rewrite
  rake
  rdiscount
  sass (~> 3.1.12)
  shotgun (~> 0.9)
  sinatra (~> 1.2.3)
  ya2yaml
